GEM
  remote: https://rubygems.org/
  specs:
    aasm (5.5.0)
      concurrent-ruby (~> 1.0)
    concurrent-ruby (1.2.2)

PLATFORMS
  x86_64-linux

DEPENDENCIES
  aasm

BUNDLED WITH
   2.2.3
